GEM
  remote: https://rubygems.org/
  specs:
    rack (3.1.7)
    rack-cors (2.0.2)
      rack (>= 2.0.0)

PLATFORMS
  x86_64-linux

DEPENDENCIES
  rack-cors

BUNDLED WITH
   2.4.18
